GEM
  remote: http://rubygems.org/
  specs:
    actionmailer (2.3.14)
      actionpack (= 2.3.14)
    actionpack (2.3.14)
      activesupport (= 2.3.14)
      rack (~> 1.1.0)
    activerecord (2.3.14)
      activesupport (= 2.3.14)
    activeresource (2.3.14)
      activesupport (= 2.3.14)
    activesupport (2.3.14)
    addressable (2.2.6)
    heroku (2.15.1)
      launchy (>= 0.3.2)
      rest-client (~> 1.6.1)
      rubyzip
      term-ansicolor (~> 1.0.5)
    launchy (2.0.5)
      addressable (~> 2.2.6)
    mime-types (1.17.2)
    mysql (2.8.1)
    pg (0.11.0)
    rack (1.1.2)
    rails (2.3.14)
      actionmailer (= 2.3.14)
      actionpack (= 2.3.14)
      activerecord (= 2.3.14)
      activeresource (= 2.3.14)
      activesupport (= 2.3.14)
      rake (>= 0.8.3)
    rake (0.9.2.2)
    rest-client (1.6.7)
      mime-types (>= 1.16)
    rubyzip (0.9.5)
    term-ansicolor (1.0.7)

PLATFORMS
  ruby

DEPENDENCIES
  heroku
  mysql
  pg
  rails (= 2.3.14)
